GEM
  remote: http://rubygems.org/
  specs:
    activesupport (3.2.9)
      i18n (~> 0.6)
      multi_json (~> 1.0)
    excon (0.16.10)
    i18n (0.6.1)
    multi_json (1.5.0)
    require_all (1.2.1)

PLATFORMS
  ruby

DEPENDENCIES
  activesupport
  excon
  require_all
